GEM
  remote: https://rubygems.org/
  specs:
    activesupport (4.0.0)
      i18n (~> 0.6, >= 0.6.4)
      minitest (~> 4.2)
      multi_json (~> 1.3)
      thread_safe (~> 0.1)
      tzinfo (~> 0.3.37)
    atomic (1.1.10)
    awesome_print (1.1.0)
    aws-sdk (2.0.29)
      aws-sdk-resources (= 2.0.29)
    aws-sdk-core (2.0.29)
      builder (~> 3.0)
      jmespath (~> 1.0)
      multi_json (~> 1.0)
      multi_xml (~> 0.5)
    aws-sdk-resources (2.0.29)
      aws-sdk-core (= 2.0.29)
    builder (3.2.2)
    chronic (0.9.1)
    coderay (1.0.9)
    i18n (0.6.4)
    jmespath (1.0.2)
      multi_json (~> 1.0)
    method_source (0.8.1)
    minitest (4.7.5)
    multi_json (1.7.7)
    multi_xml (0.5.5)
    proxies (0.2.1)
    pry (0.9.12.2)
      coderay (~> 1.0.5)
      method_source (~> 0.8)
      slop (~> 3.4)
    s3 (0.3.21)
      proxies (~> 0.2.0)
    slop (3.4.5)
    thread_safe (0.1.0)
      atomic
    tzinfo (0.3.37)
    whenever (0.8.2)
      activesupport (>= 2.3.4)
      chronic (>= 0.6.3)
    xml-simple (1.1.2)

PLATFORMS
  ruby

DEPENDENCIES
  awesome_print
  aws-sdk (~> 2)
  pry
  s3
  whenever
  xml-simple
